RESTRICTION: == net5.0
NUGET
  remote: https://api.nuget.org/v3/index.json
    FSharp.Core (6.0.1)
    FSharp.Data (4.2.7)
      FSharp.Core (>= 4.7.2)
    SharpZipLib (1.3.3)
